PATH
  remote: .
  specs:
    monoprice27842 (0.0.1)
      ccutrer-serialport (~> 1.0)
      mqtt-ccutrer (~> 1.0)
      net-telnet-rfc2217 (~> 1.0)

GEM
  remote: https://rubygems.org/
  specs:
    byebug (9.0.6)
    ccutrer-serialport (1.1.0)
      ffi (~> 1.9, >= 1.9.3)
    ffi (1.15.0)
    mqtt-ccutrer (1.0.0)
    net-telnet (0.2.0)
    net-telnet-rfc2217 (1.0.0)
      net-telnet (~> 0.2.0)
    rake (13.0.1)

PLATFORMS
  ruby

DEPENDENCIES
  byebug (~> 9.0)
  monoprice27842!
  rake (~> 13.0)

BUNDLED WITH
   2.1.4
